GEM
  remote: https://rubygems.org/
  specs:
    miscreant (0.3.0)

PLATFORMS
  ruby

DEPENDENCIES
  miscreant

BUNDLED WITH
   2.0.2
